GEM
  remote: https://rubygems.org/
  specs:
    coderay (1.1.2)
    method_source (0.9.2)
    perf (0.1.1)
    pry (0.12.2)
      coderay (~> 1.1.0)
      method_source (~> 0.9.0)
    rack (2.0.7)

PLATFORMS
  ruby

DEPENDENCIES
  perf
  pry
  rack

BUNDLED WITH
   2.1.0.pre.3
