GEM
  remote: https://rubygems.org/
  specs:
    perf (0.1.0)
    rack (2.0.7)

PLATFORMS
  ruby

DEPENDENCIES
  perf
  rack

BUNDLED WITH
   2.1.0.pre.3
